GEM
  remote: https://rubygems.org/
  specs:
    hashie (3.5.7)
    mustermann (1.0.2)
    net-ldap (0.16.1)
    nginx_omniauth_adapter (1.0.0)
      omniauth
      sinatra
    omniauth (1.8.1)
      hashie (>= 3.4.6, < 3.6.0)
      rack (>= 1.6.2, < 3)
    omniauth-ldap (2.0.0)
      net-ldap (~> 0.16)
      omniauth (~> 1.8.1)
      pyu-ruby-sasl (~> 0.0.3.3)
      rubyntlm (~> 0.6.2)
    pyu-ruby-sasl (0.0.3.3)
    rack (2.0.5)
    rack-protection (2.0.1)
      rack
    rubyntlm (0.6.2)
    sinatra (2.0.1)
      mustermann (~> 1.0)
      rack (~> 2.0)
      rack-protection (= 2.0.1)
      tilt (~> 2.0)
    tilt (2.0.8)

PLATFORMS
  ruby

DEPENDENCIES
  nginx_omniauth_adapter
  omniauth
  omniauth-ldap

BUNDLED WITH
   1.16.1
